GEM
  remote: http://rubygems.org/
  specs:
    faraday (0.15.0)
      multipart-post (>= 1.2, < 3)
    hashids (1.0.4)
    kgio (2.11.2)
    minitest (5.11.3)
    multipart-post (2.0.0)
    mustermann (1.1.1)
      ruby2_keywords (~> 0.0.1)
    pg (1.0.0)
    rack (2.2.3)
    rack-protection (2.2.0)
      rack
    rack-test (1.0.0)
      rack (>= 1.0, < 3)
    raindrops (0.19.0)
    rake (12.3.1)
    ruby2_keywords (0.0.5)
    sentry-raven (2.7.3)
      faraday (>= 0.7.6, < 1.0)
    sequel (5.8.0)
    sequel_pg (1.8.1)
      pg (>= 0.18.0)
      sequel (>= 4.34.0)
    sinatra (2.2.0)
      mustermann (~> 1.0)
      rack (~> 2.2)
      rack-protection (= 2.2.0)
      tilt (~> 2.0)
    tilt (2.0.10)
    unicorn (5.4.0)
      kgio (~> 2.6)
      raindrops (~> 0.7)

PLATFORMS
  ruby

DEPENDENCIES
  hashids
  minitest
  rack-test
  rake
  sentry-raven
  sequel_pg
  sinatra
  unicorn

RUBY VERSION
   ruby 2.5.1p57

BUNDLED WITH
   1.16.1
